PATH
  remote: .
  specs:
    has_draft (1.2.0)
      activerecord (>= 3.0.0)
      activesupport (>= 3.0.0)

GEM
  remote: https://rubygems.org/
  specs:
    activemodel (4.0.0)
      activesupport (= 4.0.0)
      builder (~> 3.1.0)
    activerecord (4.0.0)
      activemodel (= 4.0.0)
      activerecord-deprecated_finders (~> 1.0.2)
      activesupport (= 4.0.0)
      arel (~> 4.0.0)
    activerecord-deprecated_finders (1.0.3)
    activesupport (4.0.0)
      i18n (~> 0.6, >= 0.6.4)
      minitest (~> 4.2)
      multi_json (~> 1.3)
      thread_safe (~> 0.1)
      tzinfo (~> 0.3.37)
    appraisal (0.4.1)
      bundler
      rake
    arel (4.0.0)
    atomic (1.1.14)
    builder (3.1.4)
    diff-lcs (1.2.4)
    factory_girl (1.3.3)
    faker (0.9.5)
      i18n (~> 0.4)
    i18n (0.6.5)
    minitest (4.7.5)
    multi_json (1.8.0)
    rake (10.1.0)
    rspec (2.14.1)
      rspec-core (~> 2.14.0)
      rspec-expectations (~> 2.14.0)
      rspec-mocks (~> 2.14.0)
    rspec-core (2.14.5)
    rspec-expectations (2.14.3)
      diff-lcs (>= 1.1.3, < 2.0)
    rspec-mocks (2.14.3)
    sqlite3 (1.3.8)
    thread_safe (0.1.3)
      atomic
    tzinfo (0.3.37)

PLATFORMS
  ruby

DEPENDENCIES
  appraisal (~> 0.4.0)
  factory_girl (~> 1.3.1)
  faker (~> 0.9.1)
  has_draft!
  rake
  rspec (~> 2.0)
  sqlite3 (~> 1.3.4)
