PATH
  remote: .
  specs:
    has_draft (1.4.0)
      activerecord (>= 3.0.0)
      activesupport (>= 3.0.0)

GEM
  remote: https://rubygems.org/
  specs:
    activemodel (6.0.6.1)
      activesupport (= 6.0.6.1)
    activerecord (6.0.6.1)
      activemodel (= 6.0.6.1)
      activesupport (= 6.0.6.1)
    activesupport (6.0.6.1)
      concurrent-ruby (~> 1.0, >= 1.0.2)
      i18n (>= 0.7, < 2)
      minitest (~> 5.1)
      tzinfo (~> 1.1)
      zeitwerk (~> 2.2, >= 2.2.2)
    appraisal (0.4.1)
      bundler
      rake
    concurrent-ruby (1.1.10)
    diff-lcs (1.2.4)
    factory_girl (1.3.3)
    faker (0.9.5)
      i18n (~> 0.4)
    i18n (0.9.5)
      concurrent-ruby (~> 1.0)
    minitest (5.17.0)
    rake (10.1.0)
    rspec (2.14.1)
      rspec-core (~> 2.14.0)
      rspec-expectations (~> 2.14.0)
      rspec-mocks (~> 2.14.0)
    rspec-core (2.14.5)
    rspec-expectations (2.14.3)
      diff-lcs (>= 1.1.3, < 2.0)
    rspec-mocks (2.14.3)
    sqlite3 (1.3.13)
    thread_safe (0.3.6)
    tzinfo (1.2.10)
      thread_safe (~> 0.1)
    zeitwerk (2.6.6)

PLATFORMS
  ruby

DEPENDENCIES
  appraisal (~> 0.4.0)
  factory_girl (~> 1.3.1)
  faker (~> 0.9.1)
  has_draft!
  rake (~> 10.1.0)
  rspec (~> 2.0)
  sqlite3 (~> 1.3.4)

BUNDLED WITH
   1.17.1
