PATH
  remote: .
  specs:
    has_draft (1.3.0)
      activerecord (>= 3.0.0)
      activesupport (>= 3.0.0)

GEM
  remote: https://rubygems.org/
  specs:
    activemodel (4.2.3)
      activesupport (= 4.2.3)
      builder (~> 3.1)
    activerecord (4.2.3)
      activemodel (= 4.2.3)
      activesupport (= 4.2.3)
      arel (~> 6.0)
    activesupport (4.2.3)
      i18n (~> 0.7)
      json (~> 1.7, >= 1.7.7)
      minitest (~> 5.1)
      thread_safe (~> 0.3, >= 0.3.4)
      tzinfo (~> 1.1)
    appraisal (2.0.2)
      bundler
      rake
      thor (>= 0.14.0)
    arel (6.0.0)
    builder (3.2.2)
    diff-lcs (1.2.5)
    factory_girl (1.3.3)
    faker (0.9.5)
      i18n (~> 0.4)
    i18n (0.7.0)
    json (1.8.3)
    minitest (5.7.0)
    rake (10.4.2)
    rspec (2.99.0)
      rspec-core (~> 2.99.0)
      rspec-expectations (~> 2.99.0)
      rspec-mocks (~> 2.99.0)
    rspec-core (2.99.2)
    rspec-expectations (2.99.2)
      diff-lcs (>= 1.1.3, < 2.0)
    rspec-mocks (2.99.4)
    sqlite3 (1.3.10)
    thor (0.19.1)
    thread_safe (0.3.5)
    tzinfo (1.2.2)
      thread_safe (~> 0.1)

PLATFORMS
  ruby

DEPENDENCIES
  appraisal (~> 2.0.2)
  factory_girl (~> 1.3.1)
  faker (~> 0.9.1)
  has_draft!
  rake
  rspec (~> 2.0)
  sqlite3 (~> 1.3.4)

BUNDLED WITH
   1.10.4
